GEM
  remote: http://rubygems.org/
  specs:
    classifier (1.3.3)
      fast-stemmer (>= 1.0.0)
    daemons (1.1.2)
    eventmachine (0.12.10)
    fast-stemmer (1.0.0)
    rack (1.2.2)
    sinatra (1.2.1)
      rack (~> 1.1)
      tilt (< 2.0, >= 1.2.2)
    thin (1.2.11)
      daemons (>= 1.0.9)
      eventmachine (>= 0.12.6)
      rack (>= 1.0.0)
    tilt (1.2.2)
    twss (0.0.2)
      classifier (>= 1.3.1)

PLATFORMS
  ruby

DEPENDENCIES
  sinatra
  thin
  twss
